GEM
  remote: http://rubygems.org/
  specs:
    execjs (1.4.0)
      multi_json (~> 1.0)
    multi_json (1.7.7)
    rainbow (1.1.4)
    rake (10.0.4)
    uglifier (2.1.2)
      execjs (>= 0.3.0)
      multi_json (~> 1.0, >= 1.0.2)

PLATFORMS
  ruby

DEPENDENCIES
  rainbow
  rake
  uglifier
